GEM
  remote: https://rubygems.org/
  specs:
    base64 (0.3.0)
    nio4r (2.7.4)
    prometheus-client (4.2.5)
      base64
    puma (6.6.1)
      nio4r (~> 2.0)
    rack (3.2.0)

GEM
  remote: https://rubygems.vpsfree.cz/
  specs:
    ssh-exporter (0.3.1)
      prometheus-client (~> 4.2.2)
      puma (~> 6.4)
      rack (~> 3.1)

PLATFORMS
  ruby
  x86_64-linux

DEPENDENCIES
  ssh-exporter!

BUNDLED WITH
   2.7.1
