GEM
  remote: https://rubygems.org/
  specs:
    base64 (0.3.0)
    nio4r (2.7.4)
    prometheus-client (4.2.4)
      base64
    puma (6.6.0)
      nio4r (~> 2.0)
    rack (3.1.16)

GEM
  remote: https://rubygems.vpsfree.cz/
  specs:
    syslog-exporter (0.13.2)
      prometheus-client (~> 4.2.2)
      puma (~> 6.4)
      rack (~> 3.1)

PLATFORMS
  ruby
  x86_64-linux

DEPENDENCIES
  syslog-exporter!

BUNDLED WITH
   2.6.9
