GEM
  remote: https://rubygems.org/
  specs:
    base64 (0.2.0)
    daemons (1.4.1)
    eventmachine (1.2.7)
    prometheus-client (4.2.3)
      base64
    rack (2.2.10)
    thin (1.8.2)
      daemons (~> 1.0, >= 1.0.9)
      eventmachine (~> 1.0, >= 1.0.4)
      rack (>= 1, < 3)

GEM
  remote: https://rubygems.vpsfree.cz/
  specs:
    syslog-exporter (0.12.3)
      prometheus-client (~> 4.2.2)
      thin (~> 1.8.2)

PLATFORMS
  ruby
  x86_64-linux

DEPENDENCIES
  syslog-exporter!

BUNDLED WITH
   2.5.9
