GEM
  remote: https://rubygems.org/
  specs:
    builder (3.2.4)
    daemons (1.4.1)
    eventmachine (1.2.7)
    faraday (2.9.0)
      faraday-net_http (>= 2.0, < 3.2)
    faraday-net_http (3.1.0)
      net-http
    geminabox (2.1.0)
      builder
      faraday (> 1.0, < 3.0)
      httpclient (>= 2.2.7)
      nesty
      reentrant_flock
      sinatra (~> 2.0)
    httpclient (2.8.3)
    mustermann (2.0.2)
      ruby2_keywords (~> 0.0.1)
    nesty (1.0.2)
    net-http (0.4.1)
      uri
    rack (2.2.8.1)
    rack-protection (2.2.4)
      rack
    reentrant_flock (0.1.1)
    ruby2_keywords (0.0.5)
    sinatra (2.2.4)
      mustermann (~> 2.0)
      rack (~> 2.2)
      rack-protection (= 2.2.4)
      tilt (~> 2.0)
    thin (1.8.2)
      daemons (~> 1.0, >= 1.0.9)
      eventmachine (~> 1.0, >= 1.0.4)
      rack (>= 1, < 3)
    tilt (2.3.0)
    uri (0.13.0)

PLATFORMS
  x86_64-linux

DEPENDENCIES
  geminabox
  thin

BUNDLED WITH
   2.4.22
